GIT
  remote: git://github.com/icco/taps.git
  revision: d40867909ea88fe4a0577a37bd130721f6a40879
  specs:
    taps (0.3.23)
      rack (>= 1)
      rest-client (>= 1.4, < 1.7)
      sequel (~> 3.35)
      sinatra (~> 1)

GEM
  remote: http://rubygems.org/
  specs:
    addressable (2.2.8)
    commonjs (0.2.6)
    heroku (2.25.0)
      launchy (>= 0.3.2)
      netrc (~> 0.7.1)
      rest-client (~> 1.6.1)
      rubyzip
    httparty (0.8.3)
      multi_json (~> 1.0)
      multi_xml
    json (1.7.3)
    launchy (2.1.0)
      addressable (~> 2.2.6)
    less (2.2.1)
      commonjs (~> 0.2.6)
    libv8 (3.3.10.4)
    link_header (0.0.5)
    mime-types (1.18)
    multi_json (1.3.5)
    multi_xml (0.5.1)
    netrc (0.7.1)
    nokogiri (1.5.2)
    octocat_herder (0.1.3)
      httparty (~> 0.8.0)
      link_header (~> 0.0.5)
    pg (0.13.2)
    rack (1.4.1)
    rack-protection (1.2.0)
      rack
    rack_csrf (2.4.0)
      rack (>= 0.9)
    rake (0.9.2.2)
    rest-client (1.6.7)
      mime-types (>= 1.16)
    rubyzip (0.9.8)
    sanitize (2.0.3)
      nokogiri (>= 1.4.4, < 1.6)
    sequel (3.35.0)
    sinatra (1.3.2)
      rack (~> 1.3, >= 1.3.6)
      rack-protection (~> 1.2)
      tilt (~> 1.3, >= 1.3.3)
    sqlite3 (1.3.6)
    therubyracer (0.10.1)
      libv8 (~> 3.3.10)
    tilt (1.3.3)

PLATFORMS
  ruby

DEPENDENCIES
  heroku
  json
  less
  multi_json
  octocat_herder
  pg
  rack (~> 1.4.1)
  rack_csrf
  rake
  sanitize
  sequel
  sinatra
  sqlite3
  taps!
  therubyracer
