GEM
  remote: https://rubygems.org/
  specs:
    activemodel (4.2.10)
      activesupport (= 4.2.10)
      builder (~> 3.1)
    activerecord (4.2.10)
      activemodel (= 4.2.10)
      activesupport (= 4.2.10)
      arel (~> 6.0)
    activesupport (4.2.10)
      i18n (~> 0.7)
      minitest (~> 5.1)
      thread_safe (~> 0.3, >= 0.3.4)
      tzinfo (~> 1.1)
    addressable (2.5.2)
      public_suffix (>= 2.0.2, < 4.0)
    arel (6.0.4)
    builder (3.2.3)
    chronic (0.10.2)
    concurrent-ruby (1.0.5)
    crass (1.0.3)
    daemons (1.2.5)
    dalli (2.7.6)
    erubis (2.7.0)
    eventmachine (1.2.5)
    faraday (0.13.1)
      multipart-post (>= 1.2, < 3)
    ffi (1.9.18)
    http_router (0.11.2)
      rack (>= 1.0.0)
      url_mount (~> 0.2.1)
    i18n (0.9.1)
      concurrent-ruby (~> 1.0)
    json (2.1.0)
    libv8 (3.16.14.19)
    mail (2.7.0)
      mini_mime (>= 0.1.1)
    mime-types (2.99.3)
    mini_mime (1.0.0)
    mini_portile2 (2.3.0)
    minitest (5.10.3)
    moneta (0.7.20)
    multi_json (1.12.2)
    multipart-post (2.0.0)
    nokogiri (1.8.1)
      mini_portile2 (~> 2.3.0)
    nokogumbo (1.4.13)
      nokogiri
    octokit (4.7.0)
      sawyer (~> 0.8.0, >= 0.5.3)
    oj (3.3.9)
    padrino (0.12.8)
      padrino-admin (= 0.12.8)
      padrino-cache (= 0.12.8)
      padrino-core (= 0.12.8)
      padrino-gen (= 0.12.8)
      padrino-helpers (= 0.12.8)
      padrino-mailer (= 0.12.8)
      padrino-support (= 0.12.8)
    padrino-admin (0.12.8)
      padrino-core (= 0.12.8)
      padrino-helpers (= 0.12.8)
    padrino-cache (0.12.8)
      moneta (~> 0.7.0)
      padrino-core (= 0.12.8)
      padrino-helpers (= 0.12.8)
    padrino-core (0.12.8)
      activesupport (>= 3.1)
      http_router (~> 0.11.0)
      padrino-support (= 0.12.8)
      rack (< 1.6.0)
      rack-protection (>= 1.5.0)
      sinatra (~> 1.4.2)
      thor (~> 0.18)
    padrino-gen (0.12.8)
      bundler (~> 1.0)
      padrino-core (= 0.12.8)
    padrino-helpers (0.12.8)
      i18n (~> 0.6, >= 0.6.7)
      padrino-support (= 0.12.8)
      tilt (~> 1.4.1)
    padrino-mailer (0.12.8)
      mail (~> 2.5)
      mime-types (< 3)
      padrino-core (= 0.12.8)
    padrino-support (0.12.8)
      activesupport (>= 3.1)
    pg (0.21.0)
    public_suffix (3.0.1)
    rack (1.5.5)
    rack-protection (1.5.3)
      rack
    rack_csrf (2.6.0)
      rack (>= 1.1.0)
    rake (12.3.0)
    rb-fsevent (0.10.2)
    rb-inotify (0.9.10)
      ffi (>= 0.5.0, < 2)
    ref (2.0.0)
    sanitize (4.5.0)
      crass (~> 1.0.2)
      nokogiri (>= 1.4.4)
      nokogumbo (~> 1.4.1)
    sass (3.5.3)
      sass-listen (~> 4.0.0)
    sass-listen (4.0.0)
      rb-fsevent (~> 0.9, >= 0.9.4)
      rb-inotify (~> 0.9, >= 0.9.7)
    sawyer (0.8.1)
      addressable (>= 2.3.5, < 2.6)
      faraday (~> 0.8, < 1.0)
    shotgun (0.9.2)
      rack (>= 1.0)
    sinatra (1.4.8)
      rack (~> 1.5)
      rack-protection (~> 1.4)
      tilt (>= 1.3, < 3)
    sinatra-flash (0.3.0)
      sinatra (>= 1.0.0)
    therubyracer (0.12.3)
      libv8 (~> 3.16.14.15)
      ref
    thin (1.7.2)
      daemons (~> 1.0, >= 1.0.9)
      eventmachine (~> 1.0, >= 1.0.4)
      rack (>= 1, < 3)
    thor (0.20.0)
    thread_safe (0.3.6)
    tilt (1.4.1)
    tzinfo (1.2.4)
      thread_safe (~> 0.1)
    url_mount (0.2.1)
      rack
    yajl-ruby (1.3.1)

PLATFORMS
  ruby

DEPENDENCIES
  activerecord (< 5.0)
  chronic
  dalli
  erubis
  json
  multi_json
  octokit
  oj
  padrino (~> 0.12.0)
  pg
  rack
  rack_csrf
  rake
  sanitize
  sass
  shotgun
  sinatra
  sinatra-flash
  therubyracer
  thin
  yajl-ruby

RUBY VERSION
   ruby 2.4.1p111

BUNDLED WITH
   1.16.0
