GEM
  remote: https://rubygems.org/
  specs:
    activemodel (4.2.7.1)
      activesupport (= 4.2.7.1)
      builder (~> 3.1)
    activerecord (4.2.7.1)
      activemodel (= 4.2.7.1)
      activesupport (= 4.2.7.1)
      arel (~> 6.0)
    activesupport (4.2.7.1)
      i18n (~> 0.7)
      json (~> 1.7, >= 1.7.7)
      minitest (~> 5.1)
      thread_safe (~> 0.3, >= 0.3.4)
      tzinfo (~> 1.1)
    addressable (2.5.0)
      public_suffix (~> 2.0, >= 2.0.2)
    arel (6.0.3)
    builder (3.2.2)
    chronic (0.10.2)
    crass (1.0.2)
    daemons (1.2.4)
    dalli (2.7.6)
    enumerable-lazy (0.0.2)
    erubis (2.7.0)
    eventmachine (1.2.1)
    excon (0.54.0)
    faraday (0.10.0)
      multipart-post (>= 1.2, < 3)
    heroku (3.43.14)
      heroku-api (= 0.4.2)
      launchy (= 2.4.3)
      multi_json (= 1.11.2)
      net-ssh (= 2.9.2)
      net-ssh-gateway (= 1.2.0)
      netrc (= 0.10.3)
      rest-client (= 1.6.8)
      rubyzip (= 1.1.7)
    heroku-api (0.4.2)
      excon (~> 0.45)
      multi_json (~> 1.8)
    i18n (0.7.0)
    json (1.8.3)
    launchy (2.4.3)
      addressable (~> 2.3)
    libv8 (3.16.14.17)
    mail (2.6.4)
      mime-types (>= 1.16, < 4)
    mime-types (1.25.1)
    mini_portile2 (2.1.0)
    minitest (5.9.1)
    moneta (0.8.0)
    multi_json (1.11.2)
    multipart-post (2.0.0)
    mustermann19 (0.4.4)
      enumerable-lazy
    net-ssh (2.9.2)
    net-ssh-gateway (1.2.0)
      net-ssh (>= 2.6.5)
    netrc (0.10.3)
    nokogiri (1.6.8.1)
      mini_portile2 (~> 2.1.0)
    nokogumbo (1.4.10)
      nokogiri
    octokit (4.6.2)
      sawyer (~> 0.8.0, >= 0.5.3)
    oj (2.18.0)
    padrino (0.13.3.3)
      padrino-admin (= 0.13.3.3)
      padrino-cache (= 0.13.3.3)
      padrino-core (= 0.13.3.3)
      padrino-gen (= 0.13.3.3)
      padrino-helpers (= 0.13.3.3)
      padrino-mailer (= 0.13.3.3)
      padrino-support (= 0.13.3.3)
    padrino-admin (0.13.3.3)
      padrino-core (= 0.13.3.3)
      padrino-helpers (= 0.13.3.3)
    padrino-cache (0.13.3.3)
      moneta (~> 0.8.0)
      padrino-core (= 0.13.3.3)
      padrino-helpers (= 0.13.3.3)
    padrino-core (0.13.3.3)
      activesupport (>= 3.1)
      mustermann19
      padrino-support (= 0.13.3.3)
      rack-protection (>= 1.5.0)
      sinatra (>= 1.4.6)
      thor (~> 0.18)
    padrino-gen (0.13.3.3)
      bundler (~> 1.0)
      padrino-core (= 0.13.3.3)
    padrino-helpers (0.13.3.3)
      i18n (~> 0.6, >= 0.6.7)
      padrino-support (= 0.13.3.3)
      tilt (>= 1.4.1, < 3)
    padrino-mailer (0.13.3.3)
      mail (~> 2.5)
      mime-types (< 3)
      padrino-core (= 0.13.3.3)
    padrino-support (0.13.3.3)
      activesupport (>= 3.1)
    pg (0.19.0)
    public_suffix (2.0.4)
    rack (1.6.5)
    rack-protection (1.5.3)
      rack
    rack_csrf (2.5.0)
      rack (>= 1.1.0)
    rake (11.3.0)
    rdoc (5.0.0)
    ref (2.0.0)
    rest-client (1.6.8)
      mime-types (~> 1.16)
      rdoc (>= 2.4.2)
    rubyzip (1.1.7)
    sanitize (4.4.0)
      crass (~> 1.0.2)
      nokogiri (>= 1.4.4)
      nokogumbo (~> 1.4.1)
    sass (3.4.22)
    sawyer (0.8.1)
      addressable (>= 2.3.5, < 2.6)
      faraday (~> 0.8, < 1.0)
    shotgun (0.9.2)
      rack (>= 1.0)
    sinatra (1.4.7)
      rack (~> 1.5)
      rack-protection (~> 1.4)
      tilt (>= 1.3, < 3)
    sinatra-flash (0.3.0)
      sinatra (>= 1.0.0)
    therubyracer (0.12.2)
      libv8 (~> 3.16.14.0)
      ref
    thin (1.7.0)
      daemons (~> 1.0, >= 1.0.9)
      eventmachine (~> 1.0, >= 1.0.4)
      rack (>= 1, < 3)
    thor (0.19.3)
    thread_safe (0.3.5)
    tilt (2.0.5)
    tzinfo (1.2.2)
      thread_safe (~> 0.1)
    yajl-ruby (1.3.0)

PLATFORMS
  ruby

DEPENDENCIES
  activerecord (< 5.0)
  chronic
  dalli
  erubis
  heroku
  json
  multi_json
  octokit
  oj
  padrino (>= 0.12)
  pg
  rack
  rack_csrf
  rake
  sanitize
  sass
  shotgun
  sinatra
  sinatra-flash
  therubyracer
  thin
  yajl-ruby

RUBY VERSION
   ruby 2.3.1p112

BUNDLED WITH
   1.13.6
