GEM
  remote: http://rubygems.org/
  specs:
    activemodel (3.2.3)
      activesupport (= 3.2.3)
      builder (~> 3.0.0)
    activerecord (3.2.3)
      activemodel (= 3.2.3)
      activesupport (= 3.2.3)
      arel (~> 3.0.2)
      tzinfo (~> 0.3.29)
    activesupport (3.2.3)
      i18n (~> 0.6)
      multi_json (~> 1.0)
    addressable (2.2.8)
    arel (3.0.2)
    builder (3.0.0)
    faraday (0.8.0)
      multipart-post (~> 1.1)
    faraday_middleware (0.8.7)
      faraday (>= 0.7.4, < 0.9)
    hashie (1.2.0)
    heroku (2.25.0)
      launchy (>= 0.3.2)
      netrc (~> 0.7.1)
      rest-client (~> 1.6.1)
      rubyzip
    i18n (0.6.0)
    launchy (2.1.0)
      addressable (~> 2.2.6)
    mime-types (1.18)
    multi_json (1.3.4)
    multipart-post (1.1.5)
    netrc (0.7.1)
    octokit (1.0.7)
      addressable (~> 2.2)
      faraday (~> 0.8)
      faraday_middleware (~> 0.8)
      hashie (~> 1.2)
      multi_json (~> 1.3)
    rest-client (1.6.7)
      mime-types (>= 1.16)
    rubyzip (0.9.8)
    tzinfo (0.3.33)

PLATFORMS
  ruby

DEPENDENCIES
  activerecord
  heroku
  octokit
