GIT
  remote: git://github.com/pengwynn/octokit.git
  revision: b5216f92c7891979a06bcc6b5ce221c4d807b8bf
  specs:
    octokit (1.20.0)
      addressable (~> 2.2)
      faraday (~> 0.8)
      faraday_middleware (~> 0.9)
      hashie (~> 1.2)
      multi_json (~> 1.3)
      netrc (~> 0.7.7)

GEM
  remote: http://rubygems.org/
  specs:
    addressable (2.3.2)
    chronic (0.9.0)
    commonjs (0.2.6)
    daemons (1.1.9)
    eventmachine (1.0.0)
    faraday (0.8.4)
      multipart-post (~> 1.1)
    faraday_middleware (0.9.0)
      faraday (>= 0.7.4, < 0.9)
    hashie (1.2.0)
    json (1.7.6)
    less (2.2.2)
      commonjs (~> 0.2.6)
    libv8 (3.11.8.9)
    multi_json (1.5.0)
    multipart-post (1.1.5)
    netrc (0.7.7)
    nokogiri (1.5.6)
    pg (0.14.1)
    rack (1.4.1)
    rack-protection (1.3.2)
      rack
    rack_csrf (2.4.0)
      rack (>= 0.9)
    rake (10.0.3)
    ref (1.0.2)
    sanitize (2.0.3)
      nokogiri (>= 1.4.4, < 1.6)
    sequel (3.42.0)
    shotgun (0.9)
      rack (>= 1.0)
    sinatra (1.3.3)
      rack (~> 1.3, >= 1.3.6)
      rack-protection (~> 1.2)
      tilt (~> 1.3, >= 1.3.3)
    therubyracer (0.11.1)
      libv8 (~> 3.11.8.7)
      ref
    thin (1.5.0)
      daemons (>= 1.0.9)
      eventmachine (>= 0.12.6)
      rack (>= 1.0.0)
    tilt (1.3.3)
    yajl-ruby (1.1.0)

PLATFORMS
  ruby

DEPENDENCIES
  chronic
  json
  less
  multi_json
  octokit!
  pg
  rack (~> 1.4)
  rack_csrf
  rake
  sanitize
  sequel
  shotgun
  sinatra
  therubyracer
  thin
  yajl-ruby
