GIT
  remote: git://github.com/icco/taps.git
  revision: d40867909ea88fe4a0577a37bd130721f6a40879
  specs:
    taps (0.3.23)
      rack (>= 1)
      rest-client (>= 1.4, < 1.7)
      sequel (~> 3.35)
      sinatra (~> 1)

GIT
  remote: git://github.com/pengwynn/octokit.git
  revision: 8db3df37fad3a021eb8036b007c718149836cb32
  specs:
    octokit (1.18.0)
      addressable (~> 2.2)
      faraday (~> 0.8)
      faraday_middleware (~> 0.8)
      hashie (~> 1.2)
      multi_json (~> 1.3)

GEM
  remote: http://rubygems.org/
  specs:
    addressable (2.3.2)
    chronic (0.8.0)
    commonjs (0.2.6)
    daemons (1.1.9)
    eventmachine (1.0.0)
    excon (0.16.7)
    faraday (0.8.4)
      multipart-post (~> 1.1)
    faraday_middleware (0.9.0)
      faraday (>= 0.7.4, < 0.9)
    hashie (1.2.0)
    heroku (2.33.0)
      heroku-api (~> 0.3.5)
      launchy (>= 0.3.2)
      netrc (~> 0.7.7)
      rest-client (~> 1.6.1)
      rubyzip
    heroku-api (0.3.6)
      excon (~> 0.16.7)
    json (1.7.5)
    launchy (2.1.2)
      addressable (~> 2.3)
    less (2.2.2)
      commonjs (~> 0.2.6)
    libv8 (3.3.10.4)
    mime-types (1.19)
    multi_json (1.3.7)
    multipart-post (1.1.5)
    netrc (0.7.7)
    nokogiri (1.5.5)
    pg (0.14.1)
    rack (1.4.1)
    rack-protection (1.2.0)
      rack
    rack_csrf (2.4.0)
      rack (>= 0.9)
    rake (0.9.2.2)
    rest-client (1.6.7)
      mime-types (>= 1.16)
    rubyzip (0.9.9)
    sanitize (2.0.3)
      nokogiri (>= 1.4.4, < 1.6)
    sequel (3.41.0)
    shotgun (0.9)
      rack (>= 1.0)
    sinatra (1.3.3)
      rack (~> 1.3, >= 1.3.6)
      rack-protection (~> 1.2)
      tilt (~> 1.3, >= 1.3.3)
    sqlite3 (1.3.6)
    therubyracer (0.10.2)
      libv8 (~> 3.3.10)
    thin (1.5.0)
      daemons (>= 1.0.9)
      eventmachine (>= 0.12.6)
      rack (>= 1.0.0)
    tilt (1.3.3)
    yajl-ruby (1.1.0)

PLATFORMS
  ruby

DEPENDENCIES
  chronic
  heroku
  json
  less
  multi_json
  octokit!
  pg
  rack (~> 1.4)
  rack_csrf
  rake
  sanitize
  sequel
  shotgun
  sinatra
  sqlite3
  taps!
  therubyracer
  thin
  yajl-ruby
